GIT
  remote: http://github.com/datamapper/dm-core.git
  revision: cd3340c
  specs:
    dm-core (1.0.0)
      addressable (~> 2.1)
      extlib (~> 0.9.15)

GIT
  remote: http://github.com/postmodern/contextify.git
  revision: 4970af0
  specs:
    contextify (0.1.6)

GIT
  remote: http://github.com/postmodern/dm-migrations.git
  revision: a352ef2
  branch: runner
  specs:
    dm-migrations (1.0.0)
      dm-core (~> 1.0.0)

GIT
  remote: http://github.com/postmodern/thor.git
  revision: 1440efbc60a71f23b7d75e8df6e0338f0c0dd9d8
  specs:
    thor (0.14.0)

GIT
  remote: http://github.com/ronin-ruby/ronin-support.git
  revision: 73af532
  specs:
    ronin-support (0.1.0)
      chars (~> 0.1.2)
      data_paths (~> 0.2.1)
      uri-query_params (~> 0.4.0)

GEM
  remote: https://rubygems.org/
  specs:
    activesupport (3.0.0)
    addressable (2.2.0)
    chars (0.1.2)
      yard (>= 0.2.3.5)
    data_objects (0.10.2)
      addressable (~> 2.1)
    data_paths (0.2.1)
    diff-lcs (1.1.2)
    dm-aggregates (1.0.0)
      dm-core (~> 1.0.0)
    dm-constraints (1.0.0)
      dm-core (~> 1.0.0)
      dm-migrations (~> 1.0.0)
    dm-do-adapter (1.0.0)
      data_objects (~> 0.10.1)
      dm-core (~> 1.0.0)
    dm-is-predefined (0.3.0)
      activesupport (~> 3.0.0.beta3)
      dm-core (~> 1.0.0)
    dm-sqlite-adapter (1.0.0)
      dm-do-adapter (~> 1.0.0)
      do_sqlite3 (~> 0.10.2)
    dm-tags (1.0.0)
      dm-core (~> 1.0.0)
    dm-timestamps (1.0.0)
      dm-core (~> 1.0.0)
    dm-types (1.0.0)
      dm-core (~> 1.0.0)
      fastercsv (~> 1.5.3)
      json_pure (~> 1.4.3)
      stringex (~> 1.1.0)
      uuidtools (~> 2.1.1)
    dm-validations (1.0.0)
      dm-core (~> 1.0.0)
    dm-visualizer (0.1.0)
      dm-core (>= 0.10.2)
      ruby-graphviz (>= 0.9.10)
      thor (>= 0.13.4)
    do_jdbc (0.10.2-java)
      data_objects (= 0.10.2)
    do_sqlite3 (0.10.2)
      data_objects (= 0.10.2)
    do_sqlite3 (0.10.2-java)
      data_objects (= 0.10.2)
      do_jdbc (= 0.10.2)
      jdbc-sqlite3 (>= 3.5.8)
    extlib (0.9.15)
    fastercsv (1.5.3)
    git (1.2.5)
    jdbc-sqlite3 (3.6.3.054)
    jeweler (1.5.0.pre2)
      bundler (>= 1.0.0.rc.5)
      git (>= 1.2.5)
      rake
    json_pure (1.4.6)
    nokogiri (1.4.3.1)
    nokogiri (1.4.3.1-java)
      weakling (>= 0.0.3)
    open_namespace (0.3.0)
    parameters (0.2.2)
    pullr (0.1.3)
      addressable (>= 2.1.1)
    rake (0.8.7)
    rdiscount (1.6.5)
    rspec (2.0.0.beta.20)
      rspec-core (= 2.0.0.beta.20)
      rspec-expectations (= 2.0.0.beta.20)
      rspec-mocks (= 2.0.0.beta.20)
    rspec-core (2.0.0.beta.20)
    rspec-expectations (2.0.0.beta.20)
      diff-lcs (>= 1.1.2)
    rspec-mocks (2.0.0.beta.20)
    ruby-graphviz (0.9.16)
    stringex (1.1.0)
    tzinfo (0.3.23)
    uri-query_params (0.4.0)
    uuidtools (2.1.1)
    weakling (0.0.4-java)
    yard (0.6.0)
    yard-contextify (0.1.0)
      yard (>= 0.4.0)
    yard-dm (0.1.1)
    yard-dm-is-predefined (0.2.0)
      yard (>= 0.4.0)
    yard-parameters (0.1.1)
      yard (>= 0.4.0)

PLATFORMS
  java
  ruby

DEPENDENCIES
  activesupport (~> 3.0.0)
  contextify (~> 0.1.6)!
  data_paths (~> 0.2.1)
  dm-aggregates (~> 1.0.0)
  dm-constraints (~> 1.0.0)
  dm-core (~> 1.0.0)!
  dm-do-adapter (~> 1.0.0)
  dm-is-predefined (~> 0.3.0)
  dm-migrations (~> 1.0.0)!
  dm-sqlite-adapter (~> 1.0.0)
  dm-tags (~> 1.0.0)
  dm-timestamps (~> 1.0.0)
  dm-types (~> 1.0.0)
  dm-validations (~> 1.0.0)
  dm-visualizer (~> 0.1.0)
  jeweler (~> 1.5.0.pre)
  nokogiri (~> 1.4.1)
  open_namespace (~> 0.3.0)
  parameters (~> 0.2.2)
  pullr (~> 0.1.2)
  rake (~> 0.8.7)
  rdiscount (~> 1.6.3)
  ronin-support (~> 0.1.0)!
  rspec (~> 2.0.0.beta.20)
  ruby-graphviz (~> 0.9.10)
  thor (~> 0.14.0)!
  tzinfo (~> 0.3.22)
  uri-query_params (~> 0.4.0)
  yard (~> 0.6.0)
  yard-contextify (~> 0.1.0)
  yard-dm (~> 0.1.1)
  yard-dm-is-predefined (~> 0.2.0)
  yard-parameters (~> 0.1.0)
