GIT
  remote: git://github.com/datamapper/dm-core.git
  revision: 75c67e6
  specs:
    dm-core (1.0.0)
      addressable (~> 2.1)
      extlib (~> 0.9.15)

GIT
  remote: git://github.com/datamapper/dm-migrations.git
  revision: 01ab4df
  specs:
    dm-migrations (1.0.0)
      dm-core (~> 1.0.0)

GIT
  remote: git://github.com/ronin-ruby/ronin-support.git
  revision: 1ebbd36
  specs:
    ronin-support (0.1.0)
      chars (~> 0.1.2)
      data_paths (~> 0.2.1)

GIT
  remote: git://github.com/technicalpickles/jeweler.git
  revision: f27bcbb
  specs:
    jeweler (1.4.0)
      bundler (>= 0.9.5)
      gemcutter (>= 0.1.0)
      git (>= 1.2.5)
      rake

GEM
  remote: https://rubygems.org/
  specs:
    activesupport (3.0.0.rc)
    addressable (2.2.0)
    chars (0.1.2)
      yard (>= 0.2.3.5)
    contextify (0.1.6)
    data_objects (0.10.2)
      addressable (~> 2.1)
    data_paths (0.2.1)
    diff-lcs (1.1.2)
    dm-aggregates (1.0.0)
      dm-core (~> 1.0.0)
    dm-constraints (1.0.0)
      dm-core (~> 1.0.0)
      dm-migrations (~> 1.0.0)
    dm-do-adapter (1.0.0)
      data_objects (~> 0.10.1)
      dm-core (~> 1.0.0)
    dm-is-predefined (0.3.0)
      activesupport (~> 3.0.0.beta3)
      dm-core (~> 1.0.0)
    dm-sqlite-adapter (1.0.0)
      dm-do-adapter (~> 1.0.0)
      do_sqlite3 (~> 0.10.2)
    dm-tags (1.0.0)
      dm-core (~> 1.0.0)
    dm-timestamps (1.0.0)
      dm-core (~> 1.0.0)
    dm-types (1.0.0)
      dm-core (~> 1.0.0)
      fastercsv (~> 1.5.3)
      json_pure (~> 1.4.3)
      stringex (~> 1.1.0)
      uuidtools (~> 2.1.1)
    dm-validations (1.0.0)
      dm-core (~> 1.0.0)
    dm-visualizer (0.1.0)
      dm-core (>= 0.10.2)
      ruby-graphviz (>= 0.9.10)
      thor (>= 0.13.4)
    do_sqlite3 (0.10.2)
      data_objects (= 0.10.2)
    extlib (0.9.15)
    fastercsv (1.5.3)
    gemcutter (0.6.1)
    git (1.2.5)
    json_pure (1.4.6)
    nokogiri (1.4.3.1)
    open_namespace (0.3.0)
    parameters (0.2.2)
    pullr (0.1.3)
      addressable (>= 2.1.1)
    rake (0.8.7)
    rdiscount (1.6.5)
    rspec (2.0.0.beta.19)
      rspec-core (= 2.0.0.beta.19)
      rspec-expectations (= 2.0.0.beta.19)
      rspec-mocks (= 2.0.0.beta.19)
    rspec-core (2.0.0.beta.19)
    rspec-expectations (2.0.0.beta.19)
      diff-lcs (>= 1.1.2)
    rspec-mocks (2.0.0.beta.19)
    ruby-graphviz (0.9.16)
    stringex (1.1.0)
    thor (0.13.8)
    tzinfo (0.3.22)
    uuidtools (2.1.1)
    yard (0.5.8)
    yard-contextify (0.1.0)
      yard (>= 0.4.0)
    yard-dm (0.1.1)
    yard-dm-is-predefined (0.2.0)
      yard (>= 0.4.0)
    yard-parameters (0.1.1)
      yard (>= 0.4.0)

PLATFORMS
  ruby

DEPENDENCIES
  activesupport (~> 3.0.0.beta3)
  bundler (~> 1.0.0)
  contextify (~> 0.1.6)
  data_paths (~> 0.2.1)
  dm-aggregates (~> 1.0.0)
  dm-constraints (~> 1.0.0)
  dm-core (~> 1.0.0)!
  dm-do-adapter (~> 1.0.0)
  dm-is-predefined (~> 0.3.0)
  dm-migrations (~> 1.0.0)!
  dm-sqlite-adapter (~> 1.0.0)
  dm-tags (~> 1.0.0)
  dm-timestamps (~> 1.0.0)
  dm-types (~> 1.0.0)
  dm-validations (~> 1.0.0)
  dm-visualizer (~> 0.1.0)
  jeweler (~> 1.4.0)!
  nokogiri (~> 1.4.1)
  open_namespace (~> 0.3.0)
  parameters (~> 0.2.2)
  pullr (~> 0.1.2)
  rake (~> 0.8.7)
  rdiscount (~> 1.6.3)
  ronin-support (~> 0.1.0)!
  rspec (~> 2.0.0.beta.16)
  ruby-graphviz (~> 0.9.10)
  thor (~> 0.13.0)
  tzinfo (~> 0.3.22)
  yard (~> 0.5.3)
  yard-contextify (~> 0.1.0)
  yard-dm (~> 0.1.1)
  yard-dm-is-predefined (~> 0.2.0)
  yard-parameters (~> 0.1.0)
